GEM
  remote: http://rubygems.org/
  specs:
    crack (0.1.6)
    fakeweb (1.3.0)
    git (1.2.5)
    hashie (1.2.0)
    httparty (0.5.2)
      crack (= 0.1.6)
    jeweler (1.6.4)
      bundler (~> 1.0)
      git (>= 1.2.5)
      rake
    rake (0.9.2)
    rspec (1.3.0)

PLATFORMS
  ruby

DEPENDENCIES
  fakeweb
  hashie (~> 1.0)
  httparty (~> 0.5)
  jeweler
  rake
  rspec (= 1.3.0)
